GEM
  remote: http://rubygems.org/
  specs:
    actionmailer (3.2.8)
      actionpack (= 3.2.8)
      mail (~> 2.4.4)
    actionpack (3.2.8)
      activemodel (= 3.2.8)
      activesupport (= 3.2.8)
      builder (~> 3.0.0)
      erubis (~> 2.7.0)
      journey (~> 1.0.4)
      rack (~> 1.4.0)
      rack-cache (~> 1.2)
      rack-test (~> 0.6.1)
      sprockets (~> 2.1.3)
    activemodel (3.2.8)
      activesupport (= 3.2.8)
      builder (~> 3.0.0)
    activerecord (3.2.8)
      activemodel (= 3.2.8)
      activesupport (= 3.2.8)
      arel (~> 3.0.2)
      tzinfo (~> 0.3.29)
    activerecord-postgis-adapter (0.5.1)
      rgeo-activerecord (~> 0.4.6)
    activeresource (3.2.8)
      activemodel (= 3.2.8)
      activesupport (= 3.2.8)
    activesupport (3.2.8)
      i18n (~> 0.6)
      multi_json (~> 1.0)
    arel (3.0.2)
    attribute_normalizer (1.2.0)
    aws-sdk (1.5.8)
      httparty (~> 0.7)
      json (~> 1.4)
      nokogiri (>= 1.4.4)
      uuidtools (~> 2.1)
    bcrypt-ruby (3.0.1)
    better_errors (0.5.0)
      coderay (>= 1.0.0)
      erubis (>= 2.6.6)
    binding_of_caller (0.6.8)
    builder (3.0.4)
    cancan (1.6.10)
    capybara (2.3.0)
      mime-types (>= 1.16)
      nokogiri (>= 1.3.3)
      rack (>= 1.0.0)
      rack-test (>= 0.5.4)
      xpath (~> 2.0)
    cocaine (0.3.1)
    coderay (1.0.8)
    coffee-rails (3.2.2)
      coffee-script (>= 2.2.0)
      railties (~> 3.2.0)
    coffee-script (2.2.0)
      coffee-script-source
      execjs
    coffee-script-source (1.4.0)
    comma (3.0.4)
    daemons (1.1.9)
    dbf (2.0.10)
      fastercsv (~> 1.5)
    devise (2.1.2)
      bcrypt-ruby (~> 3.0)
      orm_adapter (~> 0.1)
      railties (~> 3.1)
      warden (~> 1.2.1)
    devise-i18n (0.10.4)
    diff-lcs (1.2.1)
    diff_match_patch_native (1.0.2)
      rice (>= 1.4.2)
    dynatree-rails (1.2.6)
    easy_translate (0.5.0)
      json
      thread
      thread_safe
    erubis (2.7.0)
    eventmachine (1.0.3)
    execjs (1.4.0)
      multi_json (~> 1.0)
    factory_girl (4.4.0)
      activesupport (>= 3.0.0)
    factory_girl_rails (4.4.1)
      factory_girl (~> 4.4.0)
      railties (>= 3.0.0)
    faker (1.1.2)
      i18n (~> 0.5)
    fastercsv (1.5.5)
    geocoder (1.1.6)
    gmaps4rails (1.5.5)
    hashie (3.3.2)
    highline (1.6.21)
    hike (1.2.3)
    httparty (0.11.0)
      multi_json (~> 1.0)
      multi_xml (>= 0.5.2)
    i15r (0.5.2)
    i18n (0.8.6)
    i18n-js (2.1.2)
      i18n
    i18n-tasks (0.7.2)
      activesupport
      easy_translate (>= 0.5.0)
      erubis
      highline
      i18n
      slop (>= 3.5.0)
      term-ansicolor
      terminal-table
    i18n_viz (0.4.0)
    journey (1.0.4)
    jquery-cookie-rails (1.3.1.1)
      railties (>= 3.2.0, < 5.0)
    jquery-datatables-rails (1.11.2)
      jquery-rails
    jquery-rails (2.1.3)
      railties (>= 3.1.0, < 5.0)
      thor (~> 0.14)
    jquery-ui-rails (2.0.2)
      jquery-rails
      railties (>= 3.1.0)
    jquery_mobile_rails (1.3.0)
      railties (>= 3.1.0)
    json (1.7.6)
    libv8 (3.16.14.15)
    mail (2.4.4)
      i18n (>= 0.4.0)
      mime-types (~> 1.16)
      treetop (~> 1.4.8)
    mime-types (1.19)
    mini_portile (0.5.3)
    multi_json (1.5.0)
    multi_xml (0.5.5)
    nokogiri (1.6.1)
      mini_portile (~> 0.5.0)
    orm_adapter (0.3.0)
    paperclip (3.2.0)
      activemodel (>= 3.0.0)
      activerecord (>= 3.0.0)
      activesupport (>= 3.0.0)
      cocaine (>= 0.0.2)
      mime-types
    pg (0.14.0)
    pg_array_parser (0.0.9)
    polyglot (0.3.3)
    postgres_ext (1.0.0)
      activerecord (~> 3.2.0)
      pg_array_parser (~> 0.0.9)
    rack (1.4.7)
    rack-cache (1.2)
      rack (>= 0.4)
    rack-ssl (1.3.2)
      rack
    rack-test (0.6.2)
      rack (>= 1.0)
    rails (3.2.8)
      actionmailer (= 3.2.8)
      actionpack (= 3.2.8)
      activerecord (= 3.2.8)
      activeresource (= 3.2.8)
      activesupport (= 3.2.8)
      bundler (~> 1.0)
      railties (= 3.2.8)
    rails-i18n (3.0.1)
      i18n (~> 0.5)
      rails (>= 3.0.0, < 4.0.0)
    railties (3.2.8)
      actionpack (= 3.2.8)
      activesupport (= 3.2.8)
      rack-ssl (~> 1.3.2)
      rake (>= 0.8.7)
      rdoc (~> 3.4)
      thor (>= 0.14.6, < 2.0)
    rake (10.0.3)
    rb-readline (0.5.5)
    rdoc (3.12)
      json (~> 1.4)
    recaptcha (0.4.0)
    ref (2.0.0)
    rgeo (0.3.20)
    rgeo-activerecord (0.4.6)
      activerecord (>= 3.0.3)
      arel (>= 2.0.6)
      rgeo (>= 0.3.20)
    rgeo-shapefile (0.2.3)
      dbf (>= 1.7.0)
      rgeo (>= 0.3.3)
    rice (1.6.0)
    role_model (0.8.1)
    rspec-core (2.13.0)
    rspec-expectations (2.13.0)
      diff-lcs (>= 1.1.3, < 2.0)
    rspec-mocks (2.13.0)
    rspec-rails (2.13.0)
      actionpack (>= 3.0)
      activesupport (>= 3.0)
      railties (>= 3.0)
      rspec-core (~> 2.13.0)
      rspec-expectations (~> 2.13.0)
      rspec-mocks (~> 2.13.0)
    sass (3.2.1)
    sass-rails (3.2.5)
      railties (~> 3.2.0)
      sass (>= 3.1.10)
      tilt (~> 1.3)
    select2-rails (3.4.8)
      sass-rails
      thor (~> 0.14)
    shadowbox-rails (0.0.4)
      sass-rails
    slop (3.6.0)
    sprockets (2.1.4)
      hike (~> 1.2)
      rack (~> 1.0)
      tilt (~> 1.1, != 1.3.0)
    term-ansicolor (1.3.0)
      tins (~> 1.0)
    terminal-table (1.4.5)
    therubyracer (0.12.2)
      libv8 (~> 3.16.14.0)
      ref
    thin (1.6.1)
      daemons (>= 1.0.9)
      eventmachine (>= 1.0.0)
      rack (>= 1.0.0)
    thor (0.16.0)
    thread (0.1.4)
    thread_safe (0.3.4)
    tilt (1.4.1)
    timeliness (0.3.7)
    tins (1.3.0)
    treetop (1.4.12)
      polyglot
      polyglot (>= 0.3.1)
    tzinfo (0.3.35)
    uglifier (1.3.0)
      execjs (>= 0.3.0)
      multi_json (~> 1.0, >= 1.0.2)
    uuidtools (2.1.4)
    validates_timeliness (3.0.14)
      timeliness (~> 0.3.6)
    warden (1.2.1)
      rack (>= 1.0)
    world-flags (0.6.5)
      hashie (>= 1.2)
      i18n (>= 0.6)
    xpath (2.0.0)
      nokogiri (~> 1.3)
    yaml_db (0.2.3)

PLATFORMS
  ruby

DEPENDENCIES
  activerecord-postgis-adapter
  attribute_normalizer
  aws-sdk (~> 1.5.7)
  better_errors
  binding_of_caller
  cancan
  capybara
  coffee-rails (~> 3.2.1)
  comma (~> 3.0)
  devise (~> 2.1.2)
  devise-i18n
  diff_match_patch_native
  dynatree-rails
  factory_girl_rails
  faker
  geocoder
  gmaps4rails
  i15r
  i18n
  i18n-js
  i18n-tasks (~> 0.7.2)
  i18n_viz
  jquery-cookie-rails
  jquery-datatables-rails
  jquery-rails
  jquery-ui-rails
  jquery_mobile_rails
  libv8 (= 3.16.14.15)
  nokogiri
  paperclip (~> 3.1)
  pg (~> 0.11)
  postgres_ext
  rack-test
  rails (= 3.2.8)
  rails-i18n
  rb-readline
  recaptcha (= 0.4.0)
  rgeo
  rgeo-shapefile
  role_model
  rspec-rails
  sass-rails (~> 3.2.3)
  select2-rails (~> 3.4.2)
  shadowbox-rails
  therubyracer
  thin (~> 1.6.0)
  timeliness
  uglifier (>= 1.0.3)
  validates_timeliness (~> 3.0)
  world-flags
  yaml_db

BUNDLED WITH
   1.14.3
